GEM
  remote: http://rubygems.org/
  specs:
    childprocess (0.6.3)
      ffi (~> 1.0, >= 1.0.11)
    commonwatir (4.0.0)
    faraday (0.12.1)
      multipart-post (>= 1.2, < 3)
    faraday_middleware (0.11.0.1)
      faraday (>= 0.7.4, < 1.0)
    ffi (1.9.18)
    haml (4.0.7)
      tilt
    hashie (3.5.5)
    json (2.1.0)
    multi_json (1.12.1)
    multipart-post (2.0.0)
    pocket-ruby (0.0.6)
      faraday (>= 0.7)
      faraday_middleware (~> 0.9)
      hashie (>= 0.4.0)
      multi_json (~> 1.0, >= 1.0.3)
    rack (1.6.5)
    rack-protection (1.5.3)
      rack
    rubyzip (1.2.1)
    selenium-webdriver (3.4.0)
      childprocess (~> 0.5)
      rubyzip (~> 1.0)
      websocket (~> 1.0)
    sinatra (1.4.8)
      rack (~> 1.5)
      rack-protection (~> 1.4)
      tilt (>= 1.3, < 3)
    tilt (2.0.7)
    watir (5.0.0)
      commonwatir (~> 4)
      watir-webdriver
    watir-webdriver (0.9.1)
      selenium-webdriver (>= 2.46.2)
    websocket (1.2.4)

PLATFORMS
  ruby

DEPENDENCIES
  haml (= 4.0.7)
  json
  pocket-ruby
  sinatra (= 1.4.8)
  watir (= 5.0.0)
  watir-webdriver (= 0.9.1)

BUNDLED WITH
   1.14.6
